GEM
  remote: https://rubygems.org/
  specs:
    addressable (2.3.3)
    coderay (1.0.9)
    dotenv (0.6.0)
    faraday (0.8.7)
      multipart-post (~> 1.1)
    faraday_middleware (0.9.0)
      faraday (>= 0.7.4, < 0.9)
    foreman (0.62.0)
      thor (>= 0.13.6)
    haml (4.0.2)
      tilt
    hashie (2.0.3)
    json (1.7.7)
    kgio (2.8.0)
    method_source (0.8.1)
    multi_json (1.7.2)
    multipart-post (1.2.0)
    netrc (0.7.7)
    octokit (1.24.0)
      addressable (~> 2.2)
      faraday (~> 0.8)
      faraday_middleware (~> 0.9)
      hashie (~> 2.0)
      multi_json (~> 1.3)
      netrc (~> 0.7.7)
    pry (0.9.12)
      coderay (~> 1.0.5)
      method_source (~> 0.8)
      slop (~> 3.4)
    rack (1.5.2)
    rack-protection (1.5.0)
      rack
    rack-ssl-enforcer (0.2.5)
    raindrops (0.10.0)
    redcarpet (2.2.2)
    sass (3.2.7)
    shotgun (0.9)
      rack (>= 1.0)
    sinatra (1.4.2)
      rack (~> 1.5, >= 1.5.2)
      rack-protection (~> 1.4)
      tilt (~> 1.3, >= 1.3.4)
    slop (3.4.4)
    thor (0.18.1)
    tilt (1.3.7)
    unicorn (4.6.2)
      kgio (~> 2.6)
      rack
      raindrops (~> 0.7)

PLATFORMS
  ruby

DEPENDENCIES
  dotenv
  foreman
  haml
  json
  octokit
  pry
  rack-ssl-enforcer
  redcarpet
  sass
  shotgun
  sinatra
  unicorn
